GEM
  remote: https://rubygems.org/
  specs:
    artifactory (2.5.0)
    kitchen-ansiblepush (0.4.0)
      test-kitchen
    kitchen-docker (2.6.0)
      test-kitchen (>= 1.0.0)
    kitchen-sync (1.1.1)
      net-sftp
      test-kitchen (>= 1.0.0)
    mixlib-install (1.2.3)
      artifactory
      mixlib-shellout
      mixlib-versioning
    mixlib-shellout (2.2.7)
    mixlib-versioning (1.1.0)
    net-scp (1.2.1)
      net-ssh (>= 2.6.5)
    net-sftp (2.1.2)
      net-ssh (>= 2.6.5)
    net-ssh (3.2.0)
    safe_yaml (1.0.4)
    test-kitchen (1.10.2)
      mixlib-install (~> 1.0, >= 1.0.4)
      mixlib-shellout (>= 1.2, < 3.0)
      net-scp (~> 1.1)
      net-ssh (>= 2.9, < 4.0)
      safe_yaml (~> 1.0)
      thor (~> 0.18)
    thor (0.19.1)

PLATFORMS
  ruby

DEPENDENCIES
  kitchen-ansiblepush
  kitchen-docker
  kitchen-sync
  test-kitchen

BUNDLED WITH
   1.11.2
